GEM
  specs:

PLATFORMS
  arm64-darwin-24

DEPENDENCIES

BUNDLED WITH
   2.4.10
